GEM
  remote: http://rubygems.org/
  specs:
    googleajax (1.0.1)
      json (>= 1.0.0)
    json (1.6.1)
    nokogiri (1.5.0)

PLATFORMS
  ruby

DEPENDENCIES
  googleajax
  nokogiri
